GIT
  remote: git://github.com/davidjbeveridge/haml-sprockets.git
  revision: 146a36282cafb0cf8a293fd7f4ce31c81c33a378
  specs:
    haml-sprockets (0.0.7)
      execjs (~> 1.3.0)
      sprockets (~> 2.1)
      tilt (~> 1.3)

GIT
  remote: git://github.com/heygrady/compass-sprockets.git
  revision: 8b15fd985b7a9b222eaabd5f78e690b0fc9a6f1b
  specs:
    compass-sprockets (0.0.0)
      compass
      sprockets

GIT
  remote: git://github.com/maccman/ruby-stylus.git
  revision: a810855410805865bb1464b326fe65822f792ceb
  specs:
    stylus (0.3.0.pre)
      execjs

GEM
  remote: https://rubygems.org/
  specs:
    chunky_png (1.2.6)
    coffee-script (2.2.0)
      coffee-script-source
      execjs
    coffee-script-source (1.3.3)
    compass (0.12.2)
      chunky_png (~> 1.2)
      fssm (>= 0.2.7)
      sass (~> 3.1)
    daemons (1.1.8)
    eventmachine (0.12.10)
    execjs (1.3.2)
      multi_json (~> 1.0)
    ffi (1.1.4)
    foreman (0.53.0)
      thor (>= 0.13.6)
    fssm (0.2.9)
    guard (1.3.0)
      listen (>= 0.4.2)
      thor (>= 0.14.6)
    guard-haml (0.4)
      guard (>= 1.1)
      haml (>= 3.0)
    haml (3.1.6)
    hike (1.2.1)
    json (1.7.4)
    listen (0.4.7)
      rb-fchange (~> 0.0.5)
      rb-fsevent (~> 0.9.1)
      rb-inotify (~> 0.8.8)
    multi_json (1.3.6)
    rack (1.4.1)
    rb-fchange (0.0.5)
      ffi
    rb-fsevent (0.9.1)
    rb-inotify (0.8.8)
      ffi (>= 0.5.0)
    sass (3.2.0.alpha.278)
    sprockets (2.4.5)
      hike (~> 1.2)
      multi_json (~> 1.0)
      rack (~> 1.0)
      tilt (~> 1.1, != 1.3.0)
    sprockets-sass (0.9.0)
      sprockets (~> 2.0)
      tilt (~> 1.1)
    thin (1.4.1)
      daemons (>= 1.0.9)
      eventmachine (>= 0.12.6)
      rack (>= 1.0.0)
    thor (0.15.4)
    tilt (1.3.3)

PLATFORMS
  ruby

DEPENDENCIES
  coffee-script
  compass
  compass-sprockets!
  foreman
  guard
  guard-haml
  haml
  haml-sprockets!
  json
  rack
  sass (~> 3.2.0.alpha.277)
  sprockets
  sprockets-sass
  stylus!
  thin
  thor
